PATH
  remote: .
  specs:
    git-pm (0.0.1)
      cuba (~> 3.1.1)
      git_reflow (~> 0.4.2)

GEM
  remote: https://rubygems.org/
  specs:
    addressable (2.3.7)
    colorize (0.6.0)
    cuba (3.1.1)
      rack
    descendants_tracker (0.0.4)
      thread_safe (~> 0.3, >= 0.3.1)
    faraday (0.9.1)
      multipart-post (>= 1.2, < 3)
    git_reflow (0.4.2)
      colorize (= 0.6.0)
      github_api (= 0.12.3)
      gli (= 2.12.2)
      highline
      httpclient
      json_pure
    github_api (0.12.3)
      addressable (~> 2.3)
      descendants_tracker (~> 0.0.4)
      faraday (~> 0.8, < 0.10)
      hashie (>= 3.3)
      multi_json (>= 1.7.5, < 2.0)
      nokogiri (~> 1.6.3)
      oauth2
    gli (2.12.2)
    hashie (3.4.0)
    highline (1.7.1)
    httpclient (2.6.0.1)
    json_pure (1.8.2)
    jwt (1.4.1)
    mini_portile (0.6.2)
    multi_json (1.11.0)
    multi_xml (0.5.5)
    multipart-post (2.0.0)
    nokogiri (1.6.6.2)
      mini_portile (~> 0.6.0)
    oauth2 (1.0.0)
      faraday (>= 0.8, < 0.10)
      jwt (~> 1.0)
      multi_json (~> 1.3)
      multi_xml (~> 0.5)
      rack (~> 1.2)
    rack (1.6.0)
    rake (10.4.2)
    thread_safe (0.3.5)

PLATFORMS
  ruby

DEPENDENCIES
  bundler (~> 1.8)
  git-pm!
  rake (~> 10.0)
