PATH
  remote: .
  specs:
    git-pm (0.1.0)
      cuba (~> 3.1.1)
      gli (~> 2.13.0)

GEM
  remote: https://rubygems.org/
  specs:
    cuba (3.1.1)
      rack
    gli (2.13.0)
    rack (1.6.0)
    rake (10.4.2)

PLATFORMS
  ruby

DEPENDENCIES
  bundler (~> 1.8)
  git-pm!
  rake (~> 10.0)
